GEM
  remote: https://rubygems.org/
  specs:
    addressable (2.3.6)
    arrayfields (4.7.4)
    chronic (0.6.7)
    coderay (1.1.0)
    domain_name (0.5.18)
      unf (>= 0.0.5, < 1.0.0)
    fattr (2.2.2)
    flowdock (0.3.1)
      httparty (~> 0.7)
      multi_json
    fukung (1.1.0)
      launchy
    google-search (1.0.3)
      json
    http-cookie (1.0.2)
      domain_name (~> 0.5)
    httparty (0.13.1)
      json (~> 1.8)
      multi_xml (>= 0.5.2)
    json (1.8.1)
    launchy (2.4.2)
      addressable (~> 2.3)
    main (4.7.7)
      arrayfields (~> 4.7.4)
      chronic (~> 0.6.2)
      fattr (~> 2.2.0)
      map (~> 4.3.0)
    map (4.3.0)
    mechanize (2.7.3)
      domain_name (~> 0.5, >= 0.5.1)
      http-cookie (~> 1.0)
      mime-types (~> 2.0)
      net-http-digest_auth (~> 1.1, >= 1.1.1)
      net-http-persistent (~> 2.5, >= 2.5.2)
      nokogiri (~> 1.4)
      ntlm-http (~> 0.1, >= 0.1.1)
      webrobots (>= 0.0.9, < 0.2)
    method_source (0.8.2)
    mime-types (2.2)
    multi_json (1.10.0)
    multi_xml (0.5.5)
    net-http-digest_auth (1.4)
    net-http-persistent (2.9.4)
    nokogiri (1.5.11)
    ntlm-http (0.1.1)
    pry (0.9.12.6)
      coderay (~> 1.0)
      method_source (~> 0.8)
      slop (~> 3.4)
    slop (3.5.0)
    systemu (2.3.1)
    unf (0.1.4)
      unf_ext
    unf_ext (0.0.6)
    unidecode (1.0.0)
    webrobots (0.1.1)
    yajl-ruby (1.0.0)

PLATFORMS
  ruby

DEPENDENCIES
  flowdock (~> 0.3.1)
  fukung (~> 1.1.0)
  google-search (~> 1.0.2)
  main (~> 4.7.6)
  mechanize
  nokogiri (~> 1.5.0)
  pry
  systemu (~> 2.3.0)
  unidecode (~> 1.0.0)
  yajl-ruby (~> 1.0.0)
